PATH
  remote: .
  specs:
    ollamachat (0.1.0)
      ollama-ai

GEM
  remote: https://rubygems.org/
  specs:
    ethon (0.16.0)
      ffi (>= 1.15.0)
    faraday (2.9.0)
      faraday-net_http (>= 2.0, < 3.2)
    faraday-net_http (3.1.0)
      net-http
    faraday-typhoeus (1.1.0)
      faraday (~> 2.0)
      typhoeus (~> 1.4)
    ffi (1.16.3)
    minitest (5.22.3)
    net-http (0.4.1)
      uri
    ollama-ai (1.2.0)
      faraday (~> 2.9)
      faraday-typhoeus (~> 1.1)
    rake (13.1.0)
    typhoeus (1.4.1)
      ethon (>= 0.9.0)
    uri (0.13.0)

PLATFORMS
  arm64-darwin-23
  ruby

DEPENDENCIES
  minitest (~> 5.16)
  ollamachat!
  rake (~> 13.0)

BUNDLED WITH
   2.5.6
