PATH
  remote: .
  specs:
    ollamachat (0.1.0)
      glimmer-dsl-libui
      ollama-ai

GEM
  remote: https://rubygems.org/
  specs:
    array_include_methods (1.5.1)
    chunky_png (1.4.0)
    color (1.8)
    equalizer (0.0.11)
    ethon (0.16.0)
      ffi (>= 1.15.0)
    facets (3.1.0)
    faraday (2.9.0)
      faraday-net_http (>= 2.0, < 3.2)
    faraday-net_http (3.1.0)
      net-http
    faraday-typhoeus (1.1.0)
      faraday (~> 2.0)
      typhoeus (~> 1.4)
    ffi (1.16.3)
    glimmer (2.7.7)
      array_include_methods (>= 1.4.0, < 1.6.0)
      facets (>= 3.1.0, < 4.0.0)
    glimmer-dsl-libui (0.5.24)
      chunky_png (~> 1.4.0)
      color (~> 1.8)
      equalizer (= 0.0.11)
      glimmer (~> 2.7.3)
      libui (~> 0.0.15)
      os (>= 1.0.0, < 2.0.0)
      perfect-shape (~> 1.0.5)
      rouge (>= 3.26.0, < 4.0.0)
      super_module (~> 1.4.1)
    libui (0.0.15)
    matrix (0.4.2)
    method_source (1.0.0)
    minitest (5.26.0)
    net-http (0.4.1)
      uri
    ollama-ai (1.2.0)
      faraday (~> 2.9)
      faraday-typhoeus (~> 1.1)
    os (1.1.4)
    perfect-shape (1.0.8)
      equalizer (>= 0.0.11, < 1.1.0)
      matrix (>= 0.4.2, < 1.1.0)
    rake (13.3.1)
    rouge (3.30.0)
    super_module (1.4.1)
      method_source (>= 0.8.2, < 1.1.0)
    typhoeus (1.4.1)
      ethon (>= 0.9.0)
    uri (0.13.0)

PLATFORMS
  arm64-darwin-23
  ruby

DEPENDENCIES
  minitest (~> 5.16)
  ollamachat!
  rake (~> 13.0)

BUNDLED WITH
   2.5.6
